GEM
  remote: https://rubygems.org/
  specs:
    backports (3.1.1)
    blankslate (2.1.2.4)
    daemons (1.1.9)
    eventmachine (1.0.3)
    json (1.7.7)
    parslet (1.5.0)
      blankslate (~> 2.0)
    posix-spawn (0.3.6)
    rack (1.5.2)
    rack-protection (1.5.0)
      rack
    rack-test (0.6.2)
      rack (>= 1.0)
    rake (10.0.4)
    sinatra (1.3.5)
      rack (~> 1.4)
      rack-protection (~> 1.3)
      tilt (~> 1.3, >= 1.3.3)
    sinatra-contrib (1.3.2)
      backports (>= 2.0)
      eventmachine
      rack-protection
      rack-test
      sinatra (~> 1.3.0)
      tilt (~> 1.3)
    thin (1.5.0)
      daemons (>= 1.0.9)
      eventmachine (>= 0.12.6)
      rack (>= 1.0.0)
    tilt (1.3.5)
    toml (0.0.4)
      parslet

PLATFORMS
  ruby

DEPENDENCIES
  eventmachine (~> 1.0.3)
  json (~> 1.7.7)
  posix-spawn (~> 0.3.6)
  rake
  sinatra (~> 1.3.5)
  sinatra-contrib (~> 1.3.2)
  thin (~> 1.5.0)
  toml (~> 0.0.4)
